GEM
  remote: https://rubygems.org/
  specs:
    activesupport (4.1.4)
      i18n (~> 0.6, >= 0.6.9)
      json (~> 1.7, >= 1.7.7)
      minitest (~> 5.1)
      thread_safe (~> 0.1)
      tzinfo (~> 1.1)
    httpclient (2.4.0)
    i18n (0.6.11)
    json (1.8.1)
    minitest (5.4.0)
    oj (2.9.4)
    redcarpet (3.1.2)
    thread_safe (0.3.4)
    trafaret (1.5.7)
      activesupport
    tzinfo (1.2.1)
      thread_safe (~> 0.1)

PLATFORMS
  ruby

DEPENDENCIES
  httpclient
  oj
  redcarpet
  trafaret
